PATH
  remote: .
  specs:
    poefy_online (0.0.1.pre)
      poefy (~> 0.6, >= 0.6.1)
      sinatra (~> 2.0, >= 2.0.0)

GEM
  remote: https://rubygems.org/
  specs:
    conditional_sample (1.0.0)
    diff-lcs (1.3)
    humanize (1.4.0)
    mustermann (1.0.1)
    poefy (0.7.0)
      conditional_sample (~> 1.0, >= 1.0.0)
      humanize (~> 1.4, >= 1.4.0)
      ruby_rhymes (~> 0.1, >= 0.1.2)
      sqlite3 (~> 1.3, >= 1.3.13)
      wordfilter (~> 0.2, >= 0.2.6)
    rack (2.0.3)
    rack-protection (2.0.0)
      rack
    rake (10.5.0)
    rspec (3.6.0)
      rspec-core (~> 3.6.0)
      rspec-expectations (~> 3.6.0)
      rspec-mocks (~> 3.6.0)
    rspec-core (3.6.0)
      rspec-support (~> 3.6.0)
    rspec-expectations (3.6.0)
      diff-lcs (>= 1.2.0, < 2.0)
      rspec-support (~> 3.6.0)
    rspec-mocks (3.6.0)
      diff-lcs (>= 1.2.0, < 2.0)
      rspec-support (~> 3.6.0)
    rspec-support (3.6.0)
    ruby_rhymes (0.1.2)
    sinatra (2.0.0)
      mustermann (~> 1.0)
      rack (~> 2.0)
      rack-protection (= 2.0.0)
      tilt (~> 2.0)
    sqlite3 (1.3.13-x86-mingw32)
    tilt (2.0.8)
    wordfilter (0.2.6)

PLATFORMS
  x86-mingw32

DEPENDENCIES
  bundler (~> 1.13)
  poefy_online!
  rake (~> 10.0)
  rspec (~> 3.0)

BUNDLED WITH
   1.15.3
